GEM
  remote: http://rubygems.org/
  specs:
    actionmailer (0.6.1)
      actionpack (>= 0.9.5)
    actionpack (1.4.0)
    activemodel (3.0.7)
      activesupport (= 3.0.7)
      builder (~> 2.1.2)
      i18n (~> 0.5.0)
    activerecord (3.0.7)
      activemodel (= 3.0.7)
      activesupport (= 3.0.7)
      arel (~> 2.0.2)
      tzinfo (~> 0.3.23)
    activesupport (3.0.7)
    arel (2.0.10)
    bcrypt-ruby (2.1.4)
    builder (2.1.2)
    devise (1.3.4)
      bcrypt-ruby (~> 2.1.2)
      orm_adapter (~> 0.0.3)
      warden (~> 1.0.3)
    git (1.2.5)
    i18n (0.5.0)
    jeweler (1.5.2)
      bundler (~> 1.0.0)
      git (>= 1.2.5)
      rake
    orm_adapter (0.0.5)
    rack (1.3.0)
    rails (0.9.5)
      actionmailer (>= 0.6.1)
      actionpack (>= 1.4.0)
      activerecord (>= 1.6.0)
      rake (>= 0.4.15)
    rails_email_validator (0.1.4)
      activemodel (>= 3.0.0)
    rake (0.9.0)
    rcov (0.9.9)
    tzinfo (0.3.27)
    warden (1.0.4)
      rack (>= 1.0)

PLATFORMS
  ruby

DEPENDENCIES
  bundler (~> 1.0.0)
  devise
  jeweler (~> 1.5.2)
  rails
  rails_email_validator
  rcov
